GEM
  remote: https://rubygems.org/
  specs:
    activemodel (4.0.12)
      activesupport (= 4.0.12)
      builder (~> 3.1.0)
    activerecord (4.0.12)
      activemodel (= 4.0.12)
      activerecord-deprecated_finders (~> 1.0.2)
      activesupport (= 4.0.12)
      arel (~> 4.0.0)
    activerecord-deprecated_finders (1.0.4)
    activerecord-fb-adapter (1.0.1)
      activerecord (>= 3.2.0)
      fb (>= 0.7.4)
    activesupport (4.0.12)
      i18n (~> 0.6, >= 0.6.9)
      minitest (~> 4.2)
      multi_json (~> 1.3)
      thread_safe (~> 0.1)
      tzinfo (~> 0.3.37)
    arel (4.0.2)
    backports (3.6.7)
    builder (3.1.4)
    diff-lcs (1.2.5)
    fb (0.7.4)
    i18n (0.7.0)
    minitest (4.7.5)
    multi_json (1.11.2)
    rack (1.6.0)
    rack-protection (1.5.3)
      rack
    rack-test (0.6.3)
      rack (>= 1.0)
    rake (10.4.2)
    rspec (3.3.0)
      rspec-core (~> 3.3.0)
      rspec-expectations (~> 3.3.0)
      rspec-mocks (~> 3.3.0)
    rspec-core (3.3.2)
      rspec-support (~> 3.3.0)
    rspec-expectations (3.3.1)
      diff-lcs (>= 1.2.0, < 2.0)
      rspec-support (~> 3.3.0)
    rspec-mocks (3.3.2)
      diff-lcs (>= 1.2.0, < 2.0)
      rspec-support (~> 3.3.0)
    rspec-support (3.3.0)
    sinatra (1.4.6)
      rack (~> 1.4)
      rack-protection (~> 1.4)
      tilt (>= 1.3, < 3)
    sinatra-contrib (1.4.6)
      backports (>= 2.0)
      multi_json
      rack-protection
      rack-test
      sinatra (~> 1.4.0)
      tilt (>= 1.3, < 3)
    thread_safe (0.3.5)
    tilt (2.0.1)
    tzinfo (0.3.44)

PLATFORMS
  ruby

DEPENDENCIES
  activerecord (= 4.0.12)
  activerecord-fb-adapter (= 1.0.1)
  fb
  rake
  rspec
  sinatra
  sinatra-contrib
